GEM
  remote: https://rubygems.org/
  specs:
    rainbow (2.2.1)
    rake (12.0.0)
    rubygoods (0.0.0.8)
      rainbow (~> 2.1)
    sqlite3 (1.3.12)

PLATFORMS
  ruby

DEPENDENCIES
  bundler
  rake
  rubygoods
  sqlite3

RUBY VERSION
   ruby 2.4.0p0

BUNDLED WITH
   1.13.7
