GEM
  remote: https://rubygems.org/
  specs:
    rainbow (2.1.0)
    rake (12.0.0)
    rubygoods (0.0.0.4)
      rainbow (~> 2.1)
    sqlite3 (1.3.12)

PLATFORMS
  ruby

DEPENDENCIES
  bundler
  rake
  rubygoods
  sqlite3

RUBY VERSION
   ruby 2.3.3p222

BUNDLED WITH
   1.13.6
